PATH
  remote: .
  specs:
    jekyll-staging (1.0.5)

GEM
  remote: https://rubygems.org/
  specs:
    rake (10.4.2)

PLATFORMS
  ruby

DEPENDENCIES
  bundler (~> 1.7)
  jekyll-staging!
  rake (~> 10.0)
